GEM
  remote: http://mygems:9292/
  remote: https://rubygems.org/
  specs:
    bcrypt (3.1.13)
    coderay (1.1.2)
    daemons (1.3.1)
    dotenv (2.7.5)
    kgio (2.11.3)
    logger (1.4.2)
    method_source (0.9.2)
    mustermann (1.1.1)
      ruby2_keywords (~> 0.0.1)
    pg (1.2.2)
    pry (0.12.2)
      coderay (~> 1.1.0)
      method_source (~> 0.9.0)
    rack (2.2.2)
    rack-protection (2.0.8.1)
      rack
    rack-ssl (1.4.1)
      rack
    raindrops (0.19.1)
    ruby2_keywords (0.0.2)
    simple-pg (0.0.1)
      bcrypt (~> 3.0)
      logger (~> 1.0)
      pg (~> 1.0)
    sinatra (2.0.8.1)
      mustermann (~> 1.0)
      rack (~> 2.0)
      rack-protection (= 2.0.8.1)
      tilt (~> 2.0)
    tilt (2.0.10)
    unicorn (5.5.3)
      kgio (~> 2.6)
      raindrops (~> 0.7)

PLATFORMS
  ruby

DEPENDENCIES
  daemons (~> 1.0)!
  dotenv (~> 2.0)!
  logger (~> 1.0)!
  pry (~> 0.0)!
  rack-ssl (~> 1.0)!
  simple-pg (~> 0.0)!
  sinatra (~> 2.0)!
  unicorn (~> 5.0)!

RUBY VERSION
   ruby 2.6.5p114

BUNDLED WITH
   2.1.4
